PATH
  remote: .
  specs:
    linguist (0.0.2)
      launchy (~> 0.3.2)
      rest-client (>= 1.4.0, < 1.7.0)

GEM
  remote: http://rubygems.org/
  specs:
    addressable (2.2.6)
    configuration (1.3.1)
    crack (0.3.1)
    fakefs (0.3.2)
    launchy (0.3.7)
      configuration (>= 0.0.5)
      rake (>= 0.8.1)
    mime-types (1.16)
    rack (1.3.4)
    rake (0.9.2)
    rest-client (1.6.7)
      mime-types (>= 1.16)
    rspec (1.3.2)
    sequel (3.20.0)
    sinatra (1.0)
      rack (>= 1.0)
    sqlite3 (1.3.4)
    sqlite3-ruby (1.3.3)
      sqlite3 (>= 1.3.3)
    taps (0.3.23)
      rack (>= 1.0.1)
      rest-client (>= 1.4.0, < 1.7.0)
      sequel (~> 3.20.0)
      sinatra (~> 1.0.0)
      sqlite3-ruby (~> 1.2)
    webmock (1.5.0)
      addressable (>= 2.2.2)
      crack (>= 0.1.7)

PLATFORMS
  ruby

DEPENDENCIES
  fakefs (~> 0.3.1)
  linguist!
  rake
  rspec (~> 1.3.0)
  taps (~> 0.3.20)
  webmock (~> 1.5.0)
